GEM
  remote: https://rubygems.org/
  specs:
    sinatra (2.1.0)

PLATFORMS
  ruby

DEPENDENCIES
  sinatra
